GIT
  remote: https://github.com/ruby/ruby.wasm.git
  revision: f98b50c38e3d27329928e149f9f6c87cfe847f3f
  ref: f98b50c38e3d27329928e149f9f6c87cfe847f3f
  specs:
    ruby_wasm (2.4.1)

PATH
  remote: ..
  specs:
    compute_runtime (0.1.0)

GEM
  remote: https://rubygems.org/
  specs:

PLATFORMS
  x86_64-linux

DEPENDENCIES
  compute_runtime!
  ruby_wasm!

BUNDLED WITH
   2.5.3
