GIT
  remote: https://github.com/ruby/ruby.wasm.git
  revision: 9770bbed1c9ee3f32c713ad5882e1ee43dba9954
  ref: 9770bbed1c9ee3f32c713ad5882e1ee43dba9954
  specs:
    ruby_wasm (2.4.1)

PATH
  remote: ..
  specs:
    compute_runtime (0.1.0)

GEM
  remote: https://rubygems.org/
  specs:

PLATFORMS
  x86_64-linux

DEPENDENCIES
  compute_runtime!
  ruby_wasm!

BUNDLED WITH
   2.5.3
